GEM
  remote: https://rubygems.org/
  specs:
    csv (1.0.0)
    diff-lcs (1.3)
    docile (1.3.1)
    fileutils (1.0.2)
    json (2.1.0)
    minitest (5.11.3)
    rake (12.3.2)
    rspec (3.8.0)
      rspec-core (~> 3.8.0)
      rspec-expectations (~> 3.8.0)
      rspec-mocks (~> 3.8.0)
    rspec-core (3.8.0)
      rspec-support (~> 3.8.0)
    rspec-expectations (3.8.2)
      diff-lcs (>= 1.2.0, < 2.0)
      rspec-support (~> 3.8.0)
    rspec-mocks (3.8.0)
      diff-lcs (>= 1.2.0, < 2.0)
      rspec-support (~> 3.8.0)
    rspec-support (3.8.0)
    sequel (5.15.0)
    simplecov (0.16.1)
      docile (~> 1.1)
      json (>= 1.8, < 3)
      simplecov-html (~> 0.10.0)
    simplecov-html (0.10.2)
    sqlite3 (1.3.13)
    sqlite3 (1.3.13-x64-mingw32)

PLATFORMS
  ruby
  x64-mingw32

DEPENDENCIES
  csv
  fileutils
  minitest
  rake
  rspec
  rspec-mocks
  sequel
  simplecov
  sqlite3

BUNDLED WITH
   1.17.2
